GEM
  remote: https://rubygems.pkg.github.com/dsp-testing/
  specs:
    json (2.12.2)

PLATFORMS
  ruby
  x86_64-linux

DEPENDENCIES
  json (= 2.12.2)

BUNDLED WITH
   2.5.11
